PATH
  remote: .
  specs:
    no-lorem (0.0.2)
      parser (~> 3.2)
      pastel (~> 0.8)
      yaml (~> 0.2)

GEM
  remote: https://rubygems.org/
  specs:
    ast (2.4.2)
    byebug (11.1.3)
    diff-lcs (1.5.0)
    parser (3.2.2.3)
      ast (~> 2.4.1)
      racc
    pastel (0.8.0)
      tty-color (~> 0.5)
    racc (1.7.1)
    rspec (3.12.0)
      rspec-core (~> 3.12.0)
      rspec-expectations (~> 3.12.0)
      rspec-mocks (~> 3.12.0)
    rspec-core (3.12.2)
      rspec-support (~> 3.12.0)
    rspec-expectations (3.12.3)
      diff-lcs (>= 1.2.0, < 2.0)
      rspec-support (~> 3.12.0)
    rspec-mocks (3.12.5)
      diff-lcs (>= 1.2.0, < 2.0)
      rspec-support (~> 3.12.0)
    rspec-support (3.12.1)
    tty-color (0.6.0)
    warning (1.3.0)
    yaml (0.2.1)

PLATFORMS
  arm64-darwin-21
  ruby

DEPENDENCIES
  byebug (~> 11.0)
  no-lorem!
  rspec (~> 3.0)
  warning (~> 1.3)

BUNDLED WITH
   2.3.26
