GEM
  specs:
    ast (2.4.2)
    byebug (11.1.3)
    diff-lcs (1.5.0)
    parser (3.2.0.0)
      ast (~> 2.4.1)
    rspec (3.12.0)
      rspec-core (~> 3.12.0)
      rspec-expectations (~> 3.12.0)
      rspec-mocks (~> 3.12.0)
    rspec-core (3.12.1)
      rspec-support (~> 3.12.0)
    rspec-expectations (3.12.2)
      diff-lcs (>= 1.2.0, < 2.0)
      rspec-support (~> 3.12.0)
    rspec-mocks (3.12.3)
      diff-lcs (>= 1.2.0, < 2.0)
      rspec-support (~> 3.12.0)
    rspec-support (3.12.0)
    yaml (0.2.0)

PLATFORMS
  arm64-darwin-21

DEPENDENCIES
  byebug
  parser
  rspec
  yaml

RUBY VERSION
   ruby 3.1.2p20

BUNDLED WITH
   2.3.26
